GIT
  remote: https://github.com/emberjs/ember-dev.git
  revision: b010d4809fac6e5bea6a99d800d825b804b5ba39
  branch: master
  specs:
    ember-dev (0.1)
      aws-sdk
      colored
      ember-source
      execjs
      grit
      kicker
      rack
      rake-pipeline (~> 0.8.0)
      rake-pipeline-web-filters (~> 0.7.0)
      uglifier

GIT
  remote: https://github.com/livingsocial/rake-pipeline.git
  revision: 65b1e744defa208e313703d89f3453447cc103b2
  specs:
    rake-pipeline (0.8.0)
      json
      rake (~> 10.0.0)
      thor

GEM
  remote: https://rubygems.org/
  specs:
    aws-sdk (1.9.5)
      json (~> 1.4)
      nokogiri (>= 1.4.4)
      uuidtools (~> 2.1)
    colored (1.2)
    diff-lcs (1.2.4)
    ember-source (0.0.8)
      handlebars-source (>= 1.0.0.rc3, < 1.0.0.rc4)
    execjs (1.4.0)
      multi_json (~> 1.0)
    ffi (1.8.1)
    grit (2.5.0)
      diff-lcs (~> 1.1)
      mime-types (~> 1.15)
      posix-spawn (~> 0.3.6)
    handlebars-source (1.0.0.rc3)
    json (1.8.0)
    kicker (2.6.1)
      listen
    listen (1.1.1)
      rb-fsevent (>= 0.9.3)
      rb-inotify (>= 0.9)
      rb-kqueue (>= 0.2)
    mime-types (1.23)
    multi_json (1.7.3)
    nokogiri (1.5.9)
    posix-spawn (0.3.6)
    rack (1.5.2)
    rake (10.0.4)
    rake-pipeline-web-filters (0.7.0)
      rack
      rake-pipeline (~> 0.6)
    rb-fsevent (0.9.3)
    rb-inotify (0.9.0)
      ffi (>= 0.5.0)
    rb-kqueue (0.2.0)
      ffi (>= 0.5.0)
    thor (0.18.1)
    uglifier (2.1.0)
      execjs (>= 0.3.0)
      multi_json (~> 1.0, >= 1.0.2)
    uuidtools (2.1.4)

PLATFORMS
  ruby

DEPENDENCIES
  ember-dev!
  handlebars-source (= 1.0.0.rc3)
  rake-pipeline!
