GIT
  remote: https://github.com/lautis/uglifier.git
  revision: 45133bfdadc8f5056cb93423d2eedad3aed936bf
  specs:
    uglifier (1.2.4)
      execjs (>= 0.3.0)
      multi_json (>= 1.0.2)

GIT
  remote: https://github.com/livingsocial/rake-pipeline.git
  revision: 93d0f0e1be8a11fc368caa84409b81ed89b0ea9b
  specs:
    rake-pipeline (0.8.0)
      json
      rake (~> 0.9.0)
      thor

GIT
  remote: https://github.com/pangratz/github_downloads.git
  revision: 021d83165bcf37f6c2752736a9c05c13d6976f38
  specs:
    github_downloads (0.1.2)
      github_api (~> 0.6)
      rest-client (~> 1.6)

GIT
  remote: https://github.com/wycats/rake-pipeline-web-filters.git
  revision: 2cfe4e71b23086d86dcc67c16ccaee5796e3c946
  specs:
    rake-pipeline-web-filters (0.6.0)
      rack
      rake-pipeline (~> 0.6)

GEM
  remote: http://rubygems.org/
  specs:
    colored (1.2)
    execjs (1.4.0)
      multi_json (~> 1.0)
    faraday (0.8.1)
      multipart-post (~> 1.1)
    github_api (0.6.4)
      faraday (~> 0.8.1)
      hashie (~> 1.2.0)
      multi_json (~> 1.3)
      nokogiri (~> 1.5.2)
      oauth2
    hashie (1.2.0)
    httpauth (0.1)
    json (1.7.5)
    jwt (0.1.5)
      multi_json (>= 1.0)
    kicker (2.5.0)
      rb-fsevent
    mime-types (1.19)
    multi_json (1.3.6)
    multipart-post (1.1.5)
    nokogiri (1.5.5)
    oauth2 (0.8.0)
      faraday (~> 0.8)
      httpauth (~> 0.1)
      jwt (~> 0.1.4)
      multi_json (~> 1.0)
      rack (~> 1.2)
    rack (1.4.1)
    rake (0.9.2.2)
    rb-fsevent (0.9.1)
    rest-client (1.6.7)
      mime-types (>= 1.16)
    thor (0.16.0)

PLATFORMS
  ruby

DEPENDENCIES
  colored
  github_downloads!
  kicker
  rack
  rake-pipeline!
  rake-pipeline-web-filters!
  uglifier!
