GIT
  remote: https://github.com/emberjs/ember-dev.git
  revision: 7d511cb7db4b66c342bf5f4cd19d3a2666730b6a
  branch: master
  specs:
    ember-dev (0.1)
      aws-sdk
      colored
      execjs
      grit
      kicker
      rack
      rake-pipeline (~> 0.8.0)
      rake-pipeline-web-filters (~> 0.7.0)
      uglifier

GIT
  remote: https://github.com/livingsocial/rake-pipeline.git
  revision: 65b1e744defa208e313703d89f3453447cc103b2
  specs:
    rake-pipeline (0.8.0)
      json
      rake (~> 10.0.0)
      thor

PATH
  remote: .
  specs:
    ember-source (1.0.0.rc7)
      handlebars-source (= 1.0.12)

GEM
  remote: https://rubygems.org/
  specs:
    aws-sdk (1.15.0)
      json (~> 1.4)
      nokogiri (< 1.6.0)
      uuidtools (~> 2.1)
    colored (1.2)
    diff-lcs (1.2.4)
    execjs (2.0.0)
    ffi (1.9.0)
    grit (2.5.0)
      diff-lcs (~> 1.1)
      mime-types (~> 1.15)
      posix-spawn (~> 0.3.6)
    handlebars-source (1.0.12)
    json (1.8.0)
    kicker (2.6.1)
      listen
    listen (1.3.0)
      rb-fsevent (>= 0.9.3)
      rb-inotify (>= 0.9)
      rb-kqueue (>= 0.2)
    mime-types (1.24)
    multi_json (1.7.9)
    nokogiri (1.5.10)
    posix-spawn (0.3.6)
    rack (1.5.2)
    rake (10.0.4)
    rake-pipeline-web-filters (0.7.0)
      rack
      rake-pipeline (~> 0.6)
    rb-fsevent (0.9.3)
    rb-inotify (0.9.1)
      ffi (>= 0.5.0)
    rb-kqueue (0.2.0)
      ffi (>= 0.5.0)
    thor (0.18.1)
    uglifier (2.1.2)
      execjs (>= 0.3.0)
      multi_json (~> 1.0, >= 1.0.2)
    uuidtools (2.1.4)

PLATFORMS
  ruby

DEPENDENCIES
  ember-dev!
  ember-source!
  rake-pipeline!
