GIT
  remote: https://github.com/livingsocial/rake-pipeline.git
  revision: 9ad948337082b62d8f7cc6c0bb72bbbbfc37d012
  specs:
    rake-pipeline (0.5.0)
      rake (~> 0.9.0)
      thor

GIT
  remote: https://github.com/wycats/abbot-from-scratch.git
  revision: 29dfaa6c3c120847e61f742f74c414e4872cc142
  specs:
    sproutcore (0.0.1)

GIT
  remote: https://github.com/wycats/rake-pipeline-web-filters.git
  revision: 56678c5beb1e7200be8cbf3f13f2be174a4ca7b5
  specs:
    rake-pipeline-web-filters (0.5.0)
      rake-pipeline

GEM
  remote: http://rubygems.org/
  specs:
    execjs (1.2.6)
      multi_json (~> 1.0)
    multi_json (1.0.3)
    rack (1.3.5)
    rake (0.9.2.2)
    thor (0.14.6)
    uglifier (1.0.3)
      execjs (>= 0.3.0)
      multi_json (>= 1.0.2)

PLATFORMS
  ruby

DEPENDENCIES
  execjs (~> 1.2.6)
  rack
  rake-pipeline!
  rake-pipeline-web-filters!
  sproutcore!
  uglifier (~> 1.0.3)
