GIT
  remote: https://github.com/emberjs/docs-generator.git
  revision: cfbb82496c1c342ff6da49fc46559dd8fddf8b55
  specs:
    ember-docs (0.1)
      rack
      thor

GIT
  remote: https://github.com/livingsocial/rake-pipeline.git
  revision: b70ca6cad7655e58d13031f3e24df7dfc74f9030
  specs:
    rake-pipeline (0.6.0)
      rake (~> 0.9.0)
      thor

GIT
  remote: https://github.com/wycats/rake-pipeline-web-filters.git
  revision: fd11d96205e2a70a7a0953b781b5586bdb3d4083
  specs:
    rake-pipeline-web-filters (0.6.0)
      rack
      rake-pipeline (~> 0.6)

GEM
  remote: http://rubygems.org/
  specs:
    addressable (2.2.7)
    colored (1.2)
    execjs (1.3.0)
      multi_json (~> 1.0)
    faraday (0.7.6)
      addressable (~> 2.2)
      multipart-post (~> 1.1)
      rack (~> 1.1)
    github_api (0.4.10)
      faraday (~> 0.7.6)
      hashie (~> 1.2.0)
      multi_json (~> 1.0)
      oauth2 (~> 0.5.2)
    hashie (1.2.0)
    kicker (2.5.0)
      rb-fsevent
    mime-types (1.18)
    multi_json (1.1.0)
    multipart-post (1.1.5)
    nokogiri (1.5.2)
    oauth2 (0.5.2)
      faraday (~> 0.7)
      multi_json (~> 1.0)
    rack (1.4.1)
    rake (0.9.2.2)
    rb-fsevent (0.9.0)
    rest-client (1.6.7)
      mime-types (>= 1.16)
    thor (0.14.6)
    uglifier (1.0.4)
      execjs (>= 0.3.0)
      multi_json (>= 1.0.2)

PLATFORMS
  ruby

DEPENDENCIES
  colored
  ember-docs!
  github_api
  kicker
  nokogiri
  rack
  rake-pipeline!
  rake-pipeline-web-filters!
  rest-client
  uglifier (~> 1.0.3)
