GIT
  remote: https://github.com/lautis/uglifier.git
  revision: 2f6c31a67d6dbd04c3153603339fab49a06ec4ec
  specs:
    uglifier (1.3.0)
      execjs (>= 0.3.0)
      multi_json (~> 1.0, >= 1.0.2)

GIT
  remote: https://github.com/livingsocial/rake-pipeline.git
  revision: 50b8d77b703c96539a433ee53a680c43542aaa75
  specs:
    rake-pipeline (0.8.0)
      json
      rake (~> 0.9.0)
      thor

GIT
  remote: https://github.com/wycats/rake-pipeline-web-filters.git
  revision: 1a6dc173776b188836aa2ce2ac35b61c7f7daafe
  specs:
    rake-pipeline-web-filters (0.6.0)
      rack
      rake-pipeline (~> 0.6)

GEM
  remote: http://rubygems.org/
  specs:
    coderay (1.0.8)
    colored (1.2)
    diff-lcs (1.2.0)
    execjs (1.4.0)
      multi_json (~> 1.0)
    grit (2.5.0)
      diff-lcs (~> 1.1)
      mime-types (~> 1.15)
      posix-spawn (~> 0.3.6)
    json (1.7.6)
    kicker (2.6.1)
      listen
    listen (0.6.0)
    method_source (0.8.1)
    mime-types (1.19)
    multi_json (1.3.7)
    posix-spawn (0.3.6)
    pry (0.9.10)
      coderay (~> 1.0.5)
      method_source (~> 0.8)
      slop (~> 3.3.1)
    rack (1.4.1)
    rake (0.9.6)
    slop (3.3.3)
    thor (0.16.0)

PLATFORMS
  ruby

DEPENDENCIES
  colored
  grit
  kicker
  pry
  rack
  rake-pipeline!
  rake-pipeline-web-filters!
  uglifier!
