GIT
  remote: https://github.com/emberjs/docs-generator.git
  revision: cfbc2a3aabc08de305224b290ad8f37f3ef5f847
  specs:
    ember-docs (0.1)
      rack
      thor

GIT
  remote: https://github.com/lautis/uglifier.git
  revision: 8786c0eb2717197fba8fc00385350509eedd9550
  specs:
    uglifier (1.2.6)
      execjs (>= 0.3.0)
      multi_json (~> 1.3)

GIT
  remote: https://github.com/livingsocial/rake-pipeline.git
  revision: 9008ba072c7a97f4c730e779358e8a0ad7b8d194
  specs:
    rake-pipeline (0.6.0)
      rake (~> 0.9.0)
      thor

GIT
  remote: https://github.com/wycats/rake-pipeline-web-filters.git
  revision: 51915f60889fbf54fc2e81b86b594bf4c7be4ea5
  specs:
    rake-pipeline-web-filters (0.6.0)
      rack
      rake-pipeline (~> 0.6)

GEM
  remote: http://rubygems.org/
  specs:
    colored (1.2)
    execjs (1.4.0)
      multi_json (~> 1.0)
    faraday (0.8.1)
      multipart-post (~> 1.1)
    ffi (1.0.11)
    github_api (0.6.2)
      faraday (~> 0.8.1)
      hashie (~> 1.2.0)
      multi_json (~> 1.3)
      nokogiri (~> 1.5.2)
      oauth2
    github_downloads (0.1.2)
      github_api (~> 0.6)
      rest-client (~> 1.6)
    hashie (1.2.0)
    httpauth (0.1)
    json (1.7.3)
    jwt (0.1.4)
      json (>= 1.2.4)
    kicker (2.6.1)
      listen
    listen (0.4.7)
      rb-fchange (~> 0.0.5)
      rb-fsevent (~> 0.9.1)
      rb-inotify (~> 0.8.8)
    mime-types (1.19)
    multi_json (1.3.6)
    multipart-post (1.1.5)
    nokogiri (1.5.5)
    oauth2 (0.8.0)
      faraday (~> 0.8)
      httpauth (~> 0.1)
      jwt (~> 0.1.4)
      multi_json (~> 1.0)
      rack (~> 1.2)
    rack (1.4.1)
    rake (0.9.2.2)
    rb-fchange (0.0.5)
      ffi
    rb-fsevent (0.9.1)
    rb-inotify (0.8.8)
      ffi (>= 0.5.0)
    rest-client (1.6.7)
      mime-types (>= 1.16)
    thor (0.15.4)

PLATFORMS
  ruby

DEPENDENCIES
  colored
  ember-docs!
  github_downloads
  kicker
  rack
  rake-pipeline!
  rake-pipeline-web-filters!
  uglifier!
