GIT
  remote: https://github.com/emberjs/docs-generator.git
  revision: cfbc2a3aabc08de305224b290ad8f37f3ef5f847
  specs:
    ember-docs (0.1)
      rack
      thor

GIT
  remote: https://github.com/lautis/uglifier.git
  revision: 45133bfdadc8f5056cb93423d2eedad3aed936bf
  specs:
    uglifier (1.2.4)
      execjs (>= 0.3.0)
      multi_json (>= 1.0.2)

GIT
  remote: https://github.com/livingsocial/rake-pipeline.git
  revision: 543f4322fe70facee9572d29ddabf7f090dad68a
  specs:
    rake-pipeline (0.6.0)
      rake (~> 0.9.0)
      thor

GIT
  remote: https://github.com/wycats/rake-pipeline-web-filters.git
  revision: 81a22fb0808dfdeab8ed92d5d8c898ad198b9938
  specs:
    rake-pipeline-web-filters (0.6.0)
      rack
      rake-pipeline (~> 0.6)

GEM
  remote: http://rubygems.org/
  specs:
    colored (1.2)
    execjs (1.4.0)
      multi_json (~> 1.0)
    faraday (0.8.1)
      multipart-post (~> 1.1)
    github_api (0.5.4)
      faraday (~> 0.8.0)
      hashie (~> 1.2.0)
      multi_json (~> 1.3)
      nokogiri (~> 1.5.2)
      oauth2 (~> 0.7)
    hashie (1.2.0)
    httpauth (0.1)
    kicker (2.5.0)
      rb-fsevent
    mime-types (1.18)
    multi_json (1.3.6)
    multipart-post (1.1.5)
    nokogiri (1.5.3)
    oauth2 (0.7.1)
      faraday (~> 0.8)
      httpauth (~> 0.1)
      multi_json (~> 1.0)
      rack (~> 1.4)
    rack (1.4.1)
    rake (0.9.2.2)
    rb-fsevent (0.9.1)
    rest-client (1.6.7)
      mime-types (>= 1.16)
    thor (0.15.2)

PLATFORMS
  ruby

DEPENDENCIES
  colored
  ember-docs!
  github_api
  kicker
  rack
  rake-pipeline!
  rake-pipeline-web-filters!
  rest-client
  uglifier!
