GIT
  remote: https://github.com/wycats/abbot-from-scratch.git
  revision: 29dfaa6c3c120847e61f742f74c414e4872cc142
  specs:
    sproutcore (0.0.1)

GEM
  remote: http://rubygems.org/
  specs:
    execjs (1.2.6)
      multi_json (~> 1.0)
    multi_json (1.0.3)
    rake (0.9.2)
    uglifier (1.0.3)
      execjs (>= 0.3.0)
      multi_json (>= 1.0.2)

PLATFORMS
  ruby

DEPENDENCIES
  execjs
  multi_json
  rake
  sproutcore!
  uglifier
