GIT
  remote: https://github.com/livingsocial/rake-pipeline.git
  revision: f71caeb1406dafd6af5ab8453db8c5ac53947c92
  specs:
    rake-pipeline (0.6.0)
      rake (~> 0.9.0)
      thor

GIT
  remote: https://github.com/wagenet/ember-docs.git
  revision: d8f10e2eabe144adf77850f929f2b840f119e3d1
  specs:
    ember-docs (0.1)
      rack
      thor

GIT
  remote: https://github.com/wycats/abbot-from-scratch.git
  revision: 47662bbbb25afc213318051676cd31375d1d1f59
  specs:
    sproutcore (0.0.1)

GIT
  remote: https://github.com/wycats/rake-pipeline-web-filters.git
  revision: fe752a8cfdbb318b746fd76fd3c10dd8b8f29891
  specs:
    rake-pipeline-web-filters (0.6.0)
      rack
      rake-pipeline (~> 0.6)

GEM
  remote: http://rubygems.org/
  specs:
    confparser (0.0.2.1)
    execjs (1.2.13)
      multi_json (~> 1.0)
    faster_xml_simple (0.5.0)
      libxml-ruby (>= 0.3.8.4)
    github-upload (0.0.2)
      confparser
      net-github-upload (>= 0.0.6)
    httpclient (2.2.4)
    json (1.6.5)
    libxml-ruby (2.2.2)
    multi_json (1.0.4)
    net-github-upload (0.0.8)
      faster_xml_simple
      httpclient
      json
      nokogiri (>= 1.4.0)
    nokogiri (1.5.0)
    rack (1.4.1)
    rake (0.9.2.2)
    thor (0.14.6)
    uglifier (1.0.4)
      execjs (>= 0.3.0)
      multi_json (>= 1.0.2)

PLATFORMS
  ruby

DEPENDENCIES
  ember-docs!
  execjs (~> 1.2.6)
  github-upload
  rack
  rake-pipeline!
  rake-pipeline-web-filters!
  sproutcore!
  uglifier (~> 1.0.3)
